PATH
  remote: .
  specs:
    data_files (1.0.0.rc4)

GEM
  remote: https://rubygems.org/
  specs:
    minitest (5.13.0)
    rake (12.3.3)

PLATFORMS
  ruby

DEPENDENCIES
  data_files!
  minitest (~> 5.0)
  rake (~> 12.0)

BUNDLED WITH
   2.1.4
